GEM
  remote: https://rubygems.org/
  specs:
    csv (1.0.1)
    diff-lcs (1.3)
    mustermann (1.0.2)
    puma (3.11.3)
    rack (2.0.4)
    rack-conneg (0.1.6)
      rack (>= 1.0)
    rack-protection (2.0.1)
      rack
    rack-test (1.0.0)
      rack (>= 1.0, < 3)
    redis (4.0.1)
    rspec (3.7.0)
      rspec-core (~> 3.7.0)
      rspec-expectations (~> 3.7.0)
      rspec-mocks (~> 3.7.0)
    rspec-core (3.7.1)
      rspec-support (~> 3.7.0)
    rspec-expectations (3.7.0)
      diff-lcs (>= 1.2.0, < 2.0)
      rspec-support (~> 3.7.0)
    rspec-mocks (3.7.0)
      diff-lcs (>= 1.2.0, < 2.0)
      rspec-support (~> 3.7.0)
    rspec-support (3.7.1)
    sinatra (2.0.1)
      mustermann (~> 1.0)
      rack (~> 2.0)
      rack-protection (= 2.0.1)
      tilt (~> 2.0)
    tilt (2.0.8)

PLATFORMS
  ruby

DEPENDENCIES
  csv (~> 1.0, >= 1.0.1)
  puma (~> 3.11, >= 3.11.3)
  rack-conneg (~> 0.1.6)
  rack-test (~> 1.0)
  redis (~> 4.0, >= 4.0.1)
  rspec (~> 3.7)
  sinatra (~> 2.0, >= 2.0.1)

BUNDLED WITH
   1.16.0
